GEM
  remote: https://rubygems.org/
  specs:
    ddtrace (1.4.0)
      debase-ruby_core_source (= 0.10.16)
      libdatadog (~> 0.7.0.1.1)
      libddwaf (~> 1.3.0.2.0)
      msgpack
    debase-ruby_core_source (0.10.16)
    ffi (1.15.5)
    libdatadog (0.7.0.1.1)
    libddwaf (1.3.0.2.0)
      ffi (~> 1.0)
    maxmind-db (1.1.1)
    msgpack (1.5.6)
    mustermann (2.0.2)
      ruby2_keywords (~> 0.0.1)
    nio4r (2.5.8)
    puma (5.6.5)
      nio4r (~> 2.0)
    rack (2.2.4)
    rack-protection (2.2.2)
      rack
    ruby2_keywords (0.0.5)
    sinatra (2.2.2)
      mustermann (~> 2.0)
      rack (~> 2.2)
      rack-protection (= 2.2.2)
      tilt (~> 2.0)
    tilt (2.0.11)

PLATFORMS
  ruby

DEPENDENCIES
  ddtrace
  maxmind-db
  puma
  rack
  sinatra

BUNDLED WITH
   2.1.4
